GEM
  specs:
    thor (1.3.2)

PLATFORMS
  arm64-darwin-23
  ruby

DEPENDENCIES
  thor

BUNDLED WITH
   2.6.2
